GEM
  remote: http://rubygems.org/
  specs:
    ZenTest (4.4.2)
    aaronh-chronic (0.3.9)
    abstract (1.0.0)
    actionmailer (3.0.3)
      actionpack (= 3.0.3)
      mail (~> 2.2.9)
    actionpack (3.0.3)
      activemodel (= 3.0.3)
      activesupport (= 3.0.3)
      builder (~> 2.1.2)
      erubis (~> 2.6.6)
      i18n (~> 0.4)
      rack (~> 1.2.1)
      rack-mount (~> 0.6.13)
      rack-test (~> 0.5.6)
      tzinfo (~> 0.3.23)
    activemodel (3.0.3)
      activesupport (= 3.0.3)
      builder (~> 2.1.2)
      i18n (~> 0.4)
    activerecord (3.0.3)
      activemodel (= 3.0.3)
      activesupport (= 3.0.3)
      arel (~> 2.0.2)
      tzinfo (~> 0.3.23)
    activeresource (3.0.3)
      activemodel (= 3.0.3)
      activesupport (= 3.0.3)
    activesupport (3.0.3)
    addressable (2.2.2)
    arel (2.0.7)
    autotest (4.4.6)
      ZenTest (>= 4.4.1)
    awesome_print (0.3.1)
    bcrypt-ruby (2.1.4)
    builder (2.1.2)
    capistrano (2.5.19)
      highline
      net-scp (>= 1.0.0)
      net-sftp (>= 2.0.0)
      net-ssh (>= 2.0.14)
      net-ssh-gateway (>= 1.0.0)
    capybara (0.4.0)
      celerity (>= 0.7.9)
      culerity (>= 0.2.4)
      mime-types (>= 1.16)
      nokogiri (>= 1.3.3)
      rack (>= 1.0.0)
      rack-test (>= 0.5.4)
      selenium-webdriver (>= 0.0.27)
      xpath (~> 0.1.2)
    celerity (0.8.7)
    cgi_multipart_eof_fix (2.5.0)
    childprocess (0.1.6)
      ffi (~> 0.6.3)
    columnize (0.3.2)
    crack (0.1.8)
    cucumber (0.10.0)
      builder (>= 2.1.2)
      diff-lcs (~> 1.1.2)
      gherkin (~> 2.3.2)
      json (~> 1.4.6)
      term-ansicolor (~> 1.0.5)
    cucumber-rails (0.3.2)
      cucumber (>= 0.8.0)
    culerity (0.2.14)
    curb (0.7.9)
    daemons (1.1.0)
    database_cleaner (0.6.0)
    diff-lcs (1.1.2)
    erubis (2.6.6)
      abstract (>= 1.0.0)
    every (1.1)
    fastercsv (1.5.4)
    fastthread (1.0.7)
    ffi (0.6.3)
      rake (>= 0.8.7)
    gem_plugin (0.2.3)
    geo_ip (0.3.0)
      json (~> 1.4.6)
    gherkin (2.3.3)
      json (~> 1.4.6)
    graticule (2.0.0)
      activesupport
      happymapper (>= 0.3.0)
      i18n
    haml (3.0.25)
    handsoap (1.1.8)
    happymapper (0.3.2)
      libxml-ruby (~> 1.1.3)
    highline (1.6.1)
    hoptoad_notifier (2.4.8)
      activesupport
      builder
    httparty (0.6.1)
      crack (= 0.1.8)
    i18n (0.5.0)
    interactive_editor (0.0.6)
      spoon (>= 0.0.1)
    json (1.4.6)
    json_pure (1.4.6)
    libxml-ruby (1.1.4)
    linecache (0.43)
    looksee (0.2.1)
    mail (2.2.15)
      activesupport (>= 2.3.6)
      i18n (>= 0.4.0)
      mime-types (~> 1.16)
      treetop (~> 1.4.8)
    memoize (1.3.1)
    mime-types (1.16)
    mongrel (1.1.5)
      cgi_multipart_eof_fix (>= 2.4)
      daemons (>= 1.0.3)
      fastthread (>= 1.0.1)
      gem_plugin (>= 0.2.3)
    morpher_inflect (0.0.1)
      httparty
    mysql2 (0.2.6)
    net-scp (1.0.4)
      net-ssh (>= 1.99.1)
    net-sftp (2.0.5)
      net-ssh (>= 2.0.9)
    net-ssh (2.0.23)
    net-ssh-gateway (1.0.1)
      net-ssh (>= 1.99.1)
    newrelic_rpm (2.13.4)
    nokogiri (1.4.4)
    polyglot (0.3.1)
    rack (1.2.1)
    rack-mount (0.6.13)
      rack (>= 1.0.0)
    rack-test (0.5.7)
      rack (>= 1.0)
    rails (3.0.3)
      actionmailer (= 3.0.3)
      actionpack (= 3.0.3)
      activerecord (= 3.0.3)
      activeresource (= 3.0.3)
      activesupport (= 3.0.3)
      bundler (~> 1.0)
      railties (= 3.0.3)
    railties (3.0.3)
      actionpack (= 3.0.3)
      activesupport (= 3.0.3)
      rake (>= 0.8.7)
      thor (~> 0.14.4)
    rake (0.8.7)
    render_inheritable (1.0.0)
      rails (~> 3.0)
    rspec (2.4.0)
      rspec-core (~> 2.4.0)
      rspec-expectations (~> 2.4.0)
      rspec-mocks (~> 2.4.0)
    rspec-core (2.4.0)
    rspec-expectations (2.4.0)
      diff-lcs (~> 1.1.2)
    rspec-mocks (2.4.0)
    rspec-rails (2.4.1)
      actionpack (~> 3.0)
      activesupport (~> 3.0)
      railties (~> 3.0)
      rspec (~> 2.4.0)
    ruby-debug (0.10.4)
      columnize (>= 0.1)
      ruby-debug-base (~> 0.10.4.0)
    ruby-debug-base (0.10.4)
      linecache (>= 0.3)
    ruby-prof (0.9.2)
    rubyzip (0.9.4)
    russian (0.2.7)
    selenium-webdriver (0.1.2)
      childprocess (~> 0.1.5)
      ffi (~> 0.6.3)
      json_pure
      rubyzip
    spoon (0.0.1)
    spork (0.8.4)
    term-ansicolor (1.0.5)
    thor (0.14.6)
    treetop (1.4.9)
      polyglot (>= 0.3.1)
    typus (3.0.10)
      bcrypt-ruby
      fastercsv (~> 1.5)
      render_inheritable
      will_paginate (~> 3.0.pre2)
    tzinfo (0.3.24)
    vcr (1.5.0)
    webmock (1.6.2)
      addressable (>= 2.2.2)
      crack (>= 0.1.7)
    whenever (0.6.7)
      aaronh-chronic (>= 0.3.9)
      activesupport (>= 2.3.4)
    will_paginate (3.0.pre2)
    wirble (0.1.3)
    xpath (0.1.3)
      nokogiri (~> 1.3)

PLATFORMS
  ruby

DEPENDENCIES
  autotest
  awesome_print
  capistrano
  capybara
  crack
  cucumber
  cucumber-rails
  curb
  database_cleaner
  every
  geo_ip
  graticule
  haml
  handsoap
  hoptoad_notifier
  i18n
  interactive_editor
  looksee
  memoize
  mongrel
  morpher_inflect
  mysql2
  newrelic_rpm
  nokogiri
  rails (= 3.0.3)
  rspec-rails
  ruby-debug
  ruby-prof
  russian
  spork
  typus
  tzinfo
  vcr
  webmock
  whenever
  wirble
