GIT
  remote: git://github.com/codesnik/eviterra-instrumentation.git
  revision: 27dbe27b672596f9a89e71ff87ea2d9689a3231a
  specs:
    eviterra-instrumentation (0.0.2)

GIT
  remote: git://github.com/codesnik/handsoap.git
  revision: 9f7a2f22049d713cfd41bb9fa9979438c935e6e0
  branch: fixing_async_again
  specs:
    handsoap (1.1.8)

GIT
  remote: https://github.com/Eviterra/typus.git
  revision: d167c5343be75e8fb411507e9e6f48c4c7a287ca
  branch: wip/date_filters
  specs:
    typus (3.1.8)
      bcrypt-ruby (~> 3.0.0)
      jquery-rails
      kaminari (~> 0.12.4)
      rails (>= 3.1.3)

GIT
  remote: https://github.com/codesnik/russian.git
  revision: c06fa9ed976df2bc1753af4c5ebbb114bbc19c30
  specs:
    russian (0.2.7)

GIT
  remote: https://github.com/codesnik/trashed.git
  revision: b95605b94c459cd6709e9d932aaab96faca942e7
  specs:
    trashed (1.0.0)
      activesupport (>= 2.3.0)

GEM
  remote: http://rubygems.org/
  specs:
    SystemTimer (1.2.3)
    actionmailer (3.1.3)
      actionpack (= 3.1.3)
      mail (~> 2.3.0)
    actionpack (3.1.3)
      activemodel (= 3.1.3)
      activesupport (= 3.1.3)
      builder (~> 3.0.0)
      erubis (~> 2.7.0)
      i18n (~> 0.6)
      rack (~> 1.3.5)
      rack-cache (~> 1.1)
      rack-mount (~> 0.8.2)
      rack-test (~> 0.6.1)
      sprockets (~> 2.0.3)
    activemodel (3.1.3)
      activesupport (= 3.1.3)
      builder (~> 3.0.0)
      i18n (~> 0.6)
    activerecord (3.1.3)
      activemodel (= 3.1.3)
      activesupport (= 3.1.3)
      arel (~> 2.2.1)
      tzinfo (~> 0.3.29)
    activeresource (3.1.3)
      activemodel (= 3.1.3)
      activesupport (= 3.1.3)
    activesupport (3.1.3)
      multi_json (~> 1.0)
    addressable (2.2.6)
    airbrake (3.0.9)
      activesupport
      builder
    archive-tar-minitar (0.5.2)
    arel (2.2.1)
    awesome_print (1.0.2)
    bcrypt-ruby (3.0.1)
    bson (1.5.2)
    bson_ext (1.5.2)
      bson (= 1.5.2)
    builder (3.0.0)
    capistrano (2.9.0)
      highline
      net-scp (>= 1.0.0)
      net-sftp (>= 2.0.0)
      net-ssh (>= 2.0.14)
      net-ssh-gateway (>= 1.1.0)
    capistrano_colors (0.5.5)
    capybara (1.1.2)
      mime-types (>= 1.16)
      nokogiri (>= 1.3.3)
      rack (>= 1.0.0)
      rack-test (>= 0.5.4)
      selenium-webdriver (~> 2.0)
      xpath (~> 0.1.4)
    cgi_multipart_eof_fix (2.5.0)
    childprocess (0.3.0)
      ffi (~> 1.0.6)
    chronic (0.6.6)
    coffee-rails (3.1.1)
      coffee-script (>= 2.2.0)
      railties (~> 3.1.0)
    coffee-script (2.2.0)
      coffee-script-source
      execjs
    coffee-script-source (1.2.0)
    columnize (0.3.6)
    crack (0.3.1)
    cucumber (1.1.4)
      builder (>= 2.1.2)
      diff-lcs (>= 1.1.2)
      gherkin (~> 2.7.1)
      json (>= 1.4.6)
      term-ansicolor (>= 1.0.6)
    cucumber-rails (1.2.1)
      capybara (>= 1.1.2)
      cucumber (>= 1.1.3)
      nokogiri (>= 1.5.0)
    curb (0.8.0)
    daemon_controller (0.2.6)
    daemons (1.1.6)
    database_cleaner (0.7.1)
    diff-lcs (1.1.3)
    erubis (2.7.0)
    every (1.1)
    execjs (1.3.0)
      multi_json (~> 1.0)
    factory_girl (2.5.0)
      activesupport
    factory_girl_rails (1.6.0)
      factory_girl (~> 2.5.0)
      railties (>= 3.0.0)
    fastercsv (1.5.4)
    fastthread (1.0.7)
    ffi (1.0.11)
    gem_plugin (0.2.3)
    geo_ip (0.4.0)
      json (~> 1.4)
      rest-client (~> 1.6.1)
    gherkin (2.7.6)
      json (>= 1.4.6)
    growl (1.0.3)
    guard (1.0.0)
      ffi (>= 0.5.0)
      thor (~> 0.14.6)
    guard-rspec (0.6.0)
      guard (>= 0.10.0)
    guard-spork (0.5.1)
      guard (>= 0.10.0)
      spork (>= 0.8.4)
    haml (3.1.4)
    highline (1.6.11)
    hike (1.2.1)
    httparty (0.8.1)
      multi_json
      multi_xml
    i18n (0.6.0)
    interactive_editor (0.0.10)
      spoon (>= 0.0.1)
    jquery-rails (1.0.19)
      railties (~> 3.0)
      thor (~> 0.14)
    json (1.6.5)
    kaminari (0.12.4)
      rails (>= 3.0.0)
    libnotify (0.7.2)
      ffi (~> 1.0.0)
    libv8 (3.3.10.4)
    linecache (0.46)
      rbx-require-relative (> 0.0.4)
    linecache19 (0.5.12)
      ruby_core_source (>= 0.1.4)
    looksee (1.0.3)
    mail (2.3.0)
      i18n (>= 0.4.0)
      mime-types (~> 1.16)
      treetop (~> 1.4.8)
    memoize (1.3.1)
    mime-types (1.17.2)
    mongo (1.5.2)
      bson (= 1.5.2)
    mongo-rails-instrumentation (0.2.4)
    mongoid (2.4.3)
      activemodel (~> 3.1)
      mongo (~> 1.3)
      tzinfo (~> 0.3.22)
    mongrel (1.1.5)
      cgi_multipart_eof_fix (>= 2.4)
      daemons (>= 1.0.3)
      fastthread (>= 1.0.1)
      gem_plugin (>= 0.2.3)
    morpher_inflect (0.0.2)
      httparty
    multi_json (1.0.4)
    multi_xml (0.4.1)
    mysql2 (0.3.11)
    net-scp (1.0.4)
      net-ssh (>= 1.99.1)
    net-sftp (2.0.5)
      net-ssh (>= 2.0.9)
    net-ssh (2.3.0)
    net-ssh-gateway (1.1.0)
      net-ssh (>= 1.99.1)
    newrelic_rpm (3.3.1)
    nokogiri (1.5.0)
    paper_trail (2.6.0)
      rails (~> 3)
    passenger (3.0.11)
      daemon_controller (>= 0.2.5)
      fastthread (>= 1.0.1)
      rack
      rake (>= 0.8.1)
    polyglot (0.3.3)
    qu (0.1.4)
      multi_json
    qu-mongo (0.1.4)
      mongo
      qu (= 0.1.4)
    rack (1.3.6)
    rack-cache (1.1)
      rack (>= 0.4)
    rack-mount (0.8.3)
      rack (>= 1.0.0)
    rack-ssl (1.3.2)
      rack
    rack-test (0.6.1)
      rack (>= 1.0)
    rails (3.1.3)
      actionmailer (= 3.1.3)
      actionpack (= 3.1.3)
      activerecord (= 3.1.3)
      activeresource (= 3.1.3)
      activesupport (= 3.1.3)
      bundler (~> 1.0)
      railties (= 3.1.3)
    railties (3.1.3)
      actionpack (= 3.1.3)
      activesupport (= 3.1.3)
      rack-ssl (~> 1.3.2)
      rake (>= 0.8.7)
      rdoc (~> 3.4)
      thor (~> 0.14.6)
    rake (0.9.2.2)
    rb-fchange (0.0.5)
      ffi
    rb-fsevent (0.9.0)
    rb-inotify (0.8.8)
      ffi (>= 0.5.0)
    rbx-require-relative (0.0.5)
    rdoc (3.12)
      json (~> 1.4)
    rest-client (1.6.7)
      mime-types (>= 1.16)
    rspec (2.8.0)
      rspec-core (~> 2.8.0)
      rspec-expectations (~> 2.8.0)
      rspec-mocks (~> 2.8.0)
    rspec-core (2.8.0)
    rspec-expectations (2.8.0)
      diff-lcs (~> 1.1.2)
    rspec-mocks (2.8.0)
    rspec-rails (2.8.1)
      actionpack (>= 3.0)
      activesupport (>= 3.0)
      railties (>= 3.0)
      rspec (~> 2.8.0)
    ruby-debug (0.10.4)
      columnize (>= 0.1)
      ruby-debug-base (~> 0.10.4.0)
    ruby-debug-base (0.10.4)
      linecache (>= 0.3)
    ruby-debug-base19 (0.11.25)
      columnize (>= 0.3.1)
      linecache19 (>= 0.5.11)
      ruby_core_source (>= 0.1.4)
    ruby-debug19 (0.11.6)
      columnize (>= 0.3.1)
      linecache19 (>= 0.5.11)
      ruby-debug-base19 (>= 0.11.19)
    ruby-prof (0.10.8)
    ruby_core_source (0.1.5)
      archive-tar-minitar (>= 0.5.2)
    rubyzip (0.9.5)
    sass (3.1.12)
    sass-rails (3.1.5)
      actionpack (~> 3.1.0)
      railties (~> 3.1.0)
      sass (~> 3.1.10)
      tilt (~> 1.3.2)
    selenium-webdriver (2.18.0)
      childprocess (>= 0.2.5)
      ffi (~> 1.0.9)
      multi_json (~> 1.0.4)
      rubyzip
    spoon (0.0.1)
    spork (0.9.0)
    sprockets (2.0.3)
      hike (~> 1.2)
      rack (~> 1.0)
      tilt (~> 1.1, != 1.3.0)
    term-ansicolor (1.0.7)
    therubyracer (0.9.9)
      libv8 (~> 3.3.10)
    thor (0.14.6)
    tilt (1.3.3)
    treetop (1.4.10)
      polyglot
      polyglot (>= 0.3.1)
    typhoeus (0.3.3)
      mime-types
    tzinfo (0.3.31)
    uglifier (1.2.3)
      execjs (>= 0.3.0)
      multi_json (>= 1.0.2)
    vcr (1.11.3)
    webmock (1.7.10)
      addressable (~> 2.2, > 2.2.5)
      crack (>= 0.1.7)
    webrat (0.7.3)
      nokogiri (>= 1.2.0)
      rack (>= 1.0)
      rack-test (>= 0.5.3)
    whenever (0.7.2)
      activesupport (>= 2.3.4)
      chronic (~> 0.6.3)
    wirble (0.1.3)
    xpath (0.1.4)
      nokogiri (~> 1.3)
    ya2yaml (0.30)
    yajl-ruby (1.1.0)

PLATFORMS
  ruby

DEPENDENCIES
  SystemTimer
  airbrake
  awesome_print
  bson_ext
  capistrano
  capistrano_colors
  capybara
  coffee-rails
  crack
  cucumber
  cucumber-rails
  curb
  database_cleaner
  every
  eviterra-instrumentation!
  factory_girl_rails
  fastercsv
  geo_ip
  growl
  guard
  guard-rspec
  guard-spork
  haml
  handsoap!
  i18n
  interactive_editor
  jquery-rails
  libnotify
  looksee
  memoize
  mongo-rails-instrumentation
  mongoid
  mongrel
  morpher_inflect
  mysql2
  newrelic_rpm
  nokogiri
  paper_trail
  passenger
  qu-mongo
  rails (= 3.1.3)
  rake
  rb-fchange
  rb-fsevent
  rb-inotify
  rspec-rails
  ruby-debug
  ruby-debug19
  ruby-prof
  russian!
  sass-rails
  spork
  therubyracer
  trashed!
  typhoeus
  typus!
  tzinfo
  uglifier
  vcr
  webmock
  webrat
  whenever
  wirble
  ya2yaml
  yajl-ruby
